PATH
  remote: .
  specs:
    jekyll-uswds (0.2.2)
      jekyll (~> 3.4)

GEM
  remote: https://rubygems.org/
  specs:
    activesupport (5.1.1)
      concurrent-ruby (~> 1.0, >= 1.0.2)
      i18n (~> 0.7)
      minitest (~> 5.1)
      tzinfo (~> 1.1)
    addressable (2.5.1)
      public_suffix (~> 2.0, >= 2.0.2)
    colorator (1.1.0)
    colored (1.2)
    concurrent-ruby (1.0.5)
    ethon (0.10.1)
      ffi (>= 1.3.0)
    fastimage (1.6.8)
      addressable (~> 2.3, >= 2.3.5)
    ffi (1.9.18)
    forwardable-extended (2.6.0)
    hash-joiner (0.0.7)
      safe_yaml
    html-proofer (3.7.2)
      activesupport (>= 4.2, < 6.0)
      addressable (~> 2.3)
      colored (~> 1.2)
      mercenary (~> 0.3.2)
      nokogiri (~> 1.7)
      parallel (~> 1.3)
      typhoeus (~> 0.7)
      yell (~> 2.0)
    i18n (0.8.1)
    jekyll (3.4.3)
      addressable (~> 2.4)
      colorator (~> 1.0)
      jekyll-sass-converter (~> 1.0)
      jekyll-watch (~> 1.1)
      kramdown (~> 1.3)
      liquid (~> 3.0)
      mercenary (~> 0.3.3)
      pathutil (~> 0.9)
      rouge (~> 1.7)
      safe_yaml (~> 1.0)
    jekyll-compose (0.5.0)
      jekyll (>= 3.0.0)
    jekyll-feed (0.9.2)
      jekyll (~> 3.3)
    jekyll-picture-tag (0.3.0)
      fastimage (~> 1.6.4)
      jekyll (< 4)
      mini_magick (~> 3.8.0)
    jekyll-redirect-from (0.12.1)
      jekyll (~> 3.3)
    jekyll-sass-converter (1.5.0)
      sass (~> 3.4)
    jekyll-seo-tag (2.2.3)
      jekyll (~> 3.3)
    jekyll-sitemap (1.1.1)
      jekyll (~> 3.3)
    jekyll-watch (1.5.0)
      listen (~> 3.0, < 3.1)
    json (2.1.0)
    kramdown (1.13.2)
    liquid (3.0.6)
    listen (3.0.8)
      rb-fsevent (~> 0.9, >= 0.9.4)
      rb-inotify (~> 0.9, >= 0.9.7)
    mercenary (0.3.6)
    mini_magick (3.8.1)
      subexec (~> 0.2.1)
    mini_portile2 (2.1.0)
    minitest (5.10.2)
    nokogiri (1.7.2)
      mini_portile2 (~> 2.1.0)
    open-uri-cached (0.0.5)
    parallel (1.11.2)
    pathutil (0.14.0)
      forwardable-extended (~> 2.6)
    public_suffix (2.0.5)
    rake (10.5.0)
    rb-fsevent (0.9.8)
    rb-inotify (0.9.8)
      ffi (>= 0.5.0)
    redcarpet (3.4.0)
    rouge (1.11.1)
    safe_yaml (1.0.4)
    sass (3.4.24)
    subexec (0.2.3)
    thread_safe (0.3.6)
    typhoeus (0.8.0)
      ethon (>= 0.8.0)
    tzinfo (1.2.3)
      thread_safe (~> 0.1)
    yell (2.0.7)

PLATFORMS
  ruby

DEPENDENCIES
  bundler (~> 1.12)
  hash-joiner
  html-proofer
  jekyll
  jekyll-compose
  jekyll-feed
  jekyll-picture-tag
  jekyll-redirect-from
  jekyll-seo-tag
  jekyll-sitemap
  jekyll-uswds!
  json
  open-uri-cached
  rake (~> 10.0)
  redcarpet
  rouge (= 1.11.1)

BUNDLED WITH
   1.14.6
